GEM
  remote: https://rubygems.org/
  specs:
    addressable (2.8.1)
      public_suffix (>= 2.0.2, < 6.0)
    amq-protocol (2.3.0)
    bson (4.3.0)
    bunny (2.12.0)
      amq-protocol (~> 2.3, >= 2.3.0)
    daemons (1.2.6)
    eventmachine (1.2.7)
    faraday (1.10.2)
      faraday-em_http (~> 1.0)
      faraday-em_synchrony (~> 1.0)
      faraday-excon (~> 1.1)
      faraday-httpclient (~> 1.0)
      faraday-multipart (~> 1.0)
      faraday-net_http (~> 1.0)
      faraday-net_http_persistent (~> 1.0)
      faraday-patron (~> 1.0)
      faraday-rack (~> 1.0)
      faraday-retry (~> 1.0)
      ruby2_keywords (>= 0.0.4)
    faraday-em_http (1.0.0)
    faraday-em_synchrony (1.0.0)
    faraday-excon (1.1.0)
    faraday-httpclient (1.0.1)
    faraday-multipart (1.0.4)
      multipart-post (~> 2)
    faraday-net_http (1.0.1)
    faraday-net_http_persistent (1.2.0)
    faraday-patron (1.0.0)
    faraday-rack (1.0.0)
    faraday-retry (1.0.3)
    json (2.1.0)
    minitest (5.11.3)
    mongo (2.6.2)
      bson (>= 4.3.0, < 5.0.0)
    msgpack (1.2.4)
    multipart-post (2.2.3)
    mustache (1.0.5)
    octokit (4.12.0)
      sawyer (~> 0.8.0, >= 0.5.3)
    public_suffix (5.0.0)
    rack (1.6.12)
    rack-protection (1.5.5)
      rack
    rake (12.3.3)
    redis (3.3.5)
    ruby2_keywords (0.0.5)
    rugged (0.27.4)
    sawyer (0.8.2)
      addressable (>= 2.3.5)
      faraday (> 0.8, < 2.0)
    sinatra (1.4.8)
      rack (~> 1.5)
      rack-protection (~> 1.4)
      tilt (>= 1.3, < 3)
    thin (1.7.2)
      daemons (~> 1.0, >= 1.0.9)
      eventmachine (~> 1.0, >= 1.0.4)
      rack (>= 1, < 3)
    tilt (2.0.8)

PLATFORMS
  ruby

DEPENDENCIES
  bunny (~> 2.6)
  json (~> 2.0)
  minitest (~> 5.10)
  mongo (~> 2.4)
  msgpack (~> 1.1)
  mustache (~> 1.0)
  octokit (~> 4.6)
  rake (~> 12.3)
  redis (~> 3.3)
  rugged (~> 0.25)
  sinatra (~> 1.4)
  thin (~> 1.7)

BUNDLED WITH
   1.16.0
